GEM
  remote: https://rubygems.org/
  specs:
    actioncable (6.0.2.1)
      actionpack (= 6.0.2.1)
      nio4r (~> 2.0)
      websocket-driver (>= 0.6.1)
    actionmailbox (6.0.2.1)
      actionpack (= 6.0.2.1)
      activejob (= 6.0.2.1)
      activerecord (= 6.0.2.1)
      activestorage (= 6.0.2.1)
      activesupport (= 6.0.2.1)
      mail (>= 2.7.1)
    actionmailer (6.0.2.1)
      actionpack (= 6.0.2.1)
      actionview (= 6.0.2.1)
      activejob (= 6.0.2.1)
      mail (~> 2.5, >= 2.5.4)
      rails-dom-testing (~> 2.0)
    actionpack (6.0.2.1)
      actionview (= 6.0.2.1)
      activesupport (= 6.0.2.1)
      rack (~> 2.0, >= 2.0.8)
      rack-test (>= 0.6.3)
      rails-dom-testing (~> 2.0)
      rails-html-sanitizer (~> 1.0, >= 1.2.0)
    actiontext (6.0.2.1)
      actionpack (= 6.0.2.1)
      activerecord (= 6.0.2.1)
      activestorage (= 6.0.2.1)
      activesupport (= 6.0.2.1)
      nokogiri (>= 1.8.5)
    actionview (6.0.2.1)
      activesupport (= 6.0.2.1)
      builder (~> 3.1)
      erubi (~> 1.4)
      rails-dom-testing (~> 2.0)
      rails-html-sanitizer (~> 1.1, >= 1.2.0)
    active_storage_validations (0.8.5)
      rails (>= 5.2.0)
    activejob (6.0.2.1)
      activesupport (= 6.0.2.1)
      globalid (>= 0.3.6)
    activemodel (6.0.2.1)
      activesupport (= 6.0.2.1)
    activerecord (6.0.2.1)
      activemodel (= 6.0.2.1)
      activesupport (= 6.0.2.1)
    activestorage (6.0.2.1)
      actionpack (= 6.0.2.1)
      activejob (= 6.0.2.1)
      activerecord (= 6.0.2.1)
      marcel (~> 0.3.1)
    activesupport (6.0.2.1)
      concurrent-ruby (~> 1.0, >= 1.0.2)
      i18n (>= 0.7, < 2)
      minitest (~> 5.1)
      tzinfo (~> 1.1)
      zeitwerk (~> 2.2)
    addressable (2.7.0)
      public_suffix (>= 2.0.2, < 5.0)
    administrate (0.12.0)
      actionpack (>= 4.2)
      actionview (>= 4.2)
      activerecord (>= 4.2)
      autoprefixer-rails (>= 6.0)
      datetime_picker_rails (~> 0.0.7)
      jquery-rails (>= 4.0)
      kaminari (>= 1.0)
      momentjs-rails (~> 2.8)
      sassc-rails (~> 2.1)
      selectize-rails (~> 0.6)
    administrate-field-active_storage (0.2.1)
      administrate (>= 0.2.2)
      rails (>= 6.0)
    ahoy_email (1.1.0)
      actionmailer (>= 5)
      addressable (>= 2.3.2)
      nokogiri
      safely_block (>= 0.1.1)
    ahoy_matey (3.0.1)
      activesupport (>= 5)
      device_detector
      geocoder (>= 1.4.5)
      safely_block (>= 0.2.1)
    airbrussh (1.4.0)
      sshkit (>= 1.6.1, != 1.7.0)
    ast (2.4.0)
    autoprefixer-rails (9.7.3)
      execjs
    bcrypt (3.1.13)
    bcrypt (3.1.13-java)
    better_errors (2.5.1)
      coderay (>= 1.0.0)
      erubi (>= 1.0.0)
      rack (>= 0.9.0)
    bindex (0.8.1)
    binding_of_caller (0.8.0)
      debug_inspector (>= 0.0.1)
    blazer (2.2.1)
      activerecord (>= 5)
      chartkick (>= 3.2)
      railties (>= 5)
      safely_block (>= 0.1.1)
    bootsnap (1.4.5)
      msgpack (~> 1.0)
    bootsnap (1.4.5-java)
      msgpack (~> 1.0)
    brakeman (4.7.2)
    builder (3.2.4)
    byebug (11.0.1)
    capistrano (3.11.2)
      airbrussh (>= 1.0.0)
      i18n
      rake (>= 10.0.0)
      sshkit (>= 1.9.0)
    capistrano-bundler (1.6.0)
      capistrano (~> 3.1)
    capistrano-db-tasks (0.6)
      capistrano (>= 3.0.0)
    capistrano-foreman (1.4.0)
      capistrano (~> 3.1)
      capistrano-bundler (~> 1.1)
    capistrano-rails (1.4.0)
      capistrano (~> 3.1)
      capistrano-bundler (~> 1.1)
    capistrano-rbenv (2.1.4)
      capistrano (~> 3.1)
      sshkit (~> 1.3)
    capybara (3.30.0)
      addressable
      mini_mime (>= 0.1.3)
      nokogiri (~> 1.8)
      rack (>= 1.6.0)
      rack-test (>= 0.6.3)
      regexp_parser (~> 1.5)
      xpath (~> 3.2)
    character_set (1.4.0)
    character_set (1.4.0-java)
      range_compressor (~> 1.0)
    chartkick (3.3.1)
    childprocess (3.0.0)
    cinch (2.3.4)
    client_side_validations (16.1.0)
      jquery-rails (~> 4.3)
      js_regex (~> 3.1)
      rails (>= 5.0.0.1, < 6.1)
    client_side_validations-simple_form (9.2.0)
      client_side_validations (>= 15.0, < 17.0)
      simple_form (~> 5.0)
    cocoon (1.2.14)
    coderay (1.1.2)
    concurrent-ruby (1.1.5)
    crass (1.0.6)
    css_parser (1.7.1)
      addressable
    datetime_picker_rails (0.0.7)
      momentjs-rails (>= 2.8.1)
    debug_inspector (0.0.3)
    device_detector (1.0.3)
    devise (4.7.1)
      bcrypt (~> 3.0)
      orm_adapter (~> 0.1)
      railties (>= 4.1.0)
      responders
      warden (~> 1.2.3)
    diff-lcs (1.3)
    docile (1.3.2)
    dotenv (2.7.5)
    dotenv-rails (2.7.5)
      dotenv (= 2.7.5)
      railties (>= 3.2, < 6.1)
    errbase (0.2.0)
    erubi (1.9.0)
    erubis (2.7.0)
    execjs (2.7.0)
    factory_bot (5.1.1)
      activesupport (>= 4.2.0)
    factory_bot_rails (5.1.1)
      factory_bot (~> 5.1.0)
      railties (>= 4.2.0)
    faker (2.10.0)
      i18n (>= 1.6, < 1.8)
    faraday (1.0.0)
      multipart-post (>= 1.2, < 3)
    ffi (1.11.3)
    ffi (1.11.3-java)
    ffi (1.11.3-x64-mingw32)
    ffi (1.11.3-x86-mingw32)
    formatador (0.2.5)
    geocoder (1.6.0)
    globalid (0.4.2)
      activesupport (>= 4.2.0)
    guard (2.16.1)
      formatador (>= 0.2.4)
      listen (>= 2.7, < 4.0)
      lumberjack (>= 1.0.12, < 2.0)
      nenv (~> 0.1)
      notiffany (~> 0.0)
      pry (>= 0.9.12)
      shellany (~> 0.0)
      thor (>= 0.18.1)
    guard-compat (1.2.1)
    guard-rspec (4.7.3)
      guard (~> 2.1)
      guard-compat (~> 1.1)
      rspec (>= 2.99.0, < 4.0)
    haml (5.1.2)
      temple (>= 0.8.0)
      tilt
    haml_lint (0.34.1)
      haml (>= 4.0, < 5.2)
      rainbow
      rubocop (>= 0.50.0)
      sysexits (~> 1.1)
    hamlit (2.11.0)
      temple (>= 0.8.2)
      thor
      tilt
    hamlit (2.11.0-java)
      temple (>= 0.8.2)
      thor
      tilt
    hamlit-rails (0.2.3)
      actionpack (>= 4.0.1)
      activesupport (>= 4.0.1)
      hamlit (>= 1.2.0)
      railties (>= 4.0.1)
    hashie (3.6.0)
    html2haml (2.2.0)
      erubis (~> 2.7.0)
      haml (>= 4.0, < 6)
      nokogiri (>= 1.6.0)
      ruby_parser (~> 3.5)
    htmlentities (4.3.4)
    i18n (1.7.1)
      concurrent-ruby (~> 1.0)
    image_processing (1.10.3)
      mini_magick (>= 4.9.5, < 5)
      ruby-vips (>= 2.0.17, < 3)
    jaro_winkler (1.5.4)
    jaro_winkler (1.5.4-java)
    jbuilder (2.9.1)
      activesupport (>= 4.2.0)
    jenkins_api_client (1.5.3)
      json (>= 1.0)
      mixlib-shellout (>= 1.1.0)
      nokogiri (~> 1.6)
      socksify (>= 1.7.0)
      terminal-table (>= 1.4.0)
      thor (>= 0.16.0)
    jquery-rails (4.3.5)
      rails-dom-testing (>= 1, < 3)
      railties (>= 4.2.0)
      thor (>= 0.14, < 2.0)
    js_regex (3.5.0)
      character_set (~> 1.4)
      regexp_parser (~> 1.6)
      regexp_property_values (~> 1.0)
    json (2.3.0)
    json (2.3.0-java)
    jwt (2.2.1)
    kaminari (1.1.1)
      activesupport (>= 4.1.0)
      kaminari-actionview (= 1.1.1)
      kaminari-activerecord (= 1.1.1)
      kaminari-core (= 1.1.1)
    kaminari-actionview (1.1.1)
      actionview
      kaminari-core (= 1.1.1)
    kaminari-activerecord (1.1.1)
      activerecord
      kaminari-core (= 1.1.1)
    kaminari-core (1.1.1)
    launchy (2.4.3)
      addressable (~> 2.3)
    launchy (2.4.3-java)
      addressable (~> 2.3)
      spoon (~> 0.0.1)
    lazy_priority_queue (0.1.1)
    listen (3.2.1)
      rb-fsevent (~> 0.10, >= 0.10.3)
      rb-inotify (~> 0.9, >= 0.9.10)
    loofah (2.4.0)
      crass (~> 1.0.2)
      nokogiri (>= 1.5.9)
    lumberjack (1.1.1)
    mail (2.7.1)
      mini_mime (>= 0.1.1)
    mailkick (0.4.1)
      activesupport (>= 5)
    marcel (0.3.3)
      mimemagic (~> 0.3.2)
    method_source (0.9.2)
    mimemagic (0.3.3)
    mini_magick (4.10.1)
    mini_mime (1.0.2)
    mini_portile2 (2.4.0)
    minitest (5.14.0)
    mixlib-shellout (3.0.9)
    mixlib-shellout (3.0.9-universal-mingw32)
      win32-process (~> 0.8.2)
      wmi-lite (~> 1.0)
    momentjs-rails (2.20.1)
      railties (>= 3.1)
    msgpack (1.3.1)
    msgpack (1.3.1-java)
    msgpack (1.3.1-x64-mingw32)
    msgpack (1.3.1-x86-mingw32)
    multi_json (1.14.1)
    multi_xml (0.6.0)
    multipart-post (2.1.1)
    nenv (0.3.0)
    net-scp (2.0.0)
      net-ssh (>= 2.6.5, < 6.0.0)
    net-ssh (5.2.0)
    netaddr (2.0.4)
    nio4r (2.5.2)
    nio4r (2.5.2-java)
    nokogiri (1.10.7)
      mini_portile2 (~> 2.4.0)
    nokogiri (1.10.7-java)
    nokogiri (1.10.7-x64-mingw32)
      mini_portile2 (~> 2.4.0)
    nokogiri (1.10.7-x86-mingw32)
      mini_portile2 (~> 2.4.0)
    notable (0.3.0)
      activesupport (>= 5)
      safely_block (>= 0.1.1)
    notiffany (0.1.3)
      nenv (~> 0.1)
      shellany (~> 0.0)
    oauth (0.5.4)
    oauth2 (1.4.2)
      faraday (>= 0.8, < 2.0)
      jwt (>= 1.0, < 3.0)
      multi_json (~> 1.3)
      multi_xml (~> 0.5)
      rack (>= 1.2, < 3)
    omniauth (1.9.0)
      hashie (>= 3.4.6, < 3.7.0)
      rack (>= 1.6.2, < 3)
    omniauth-facebook (5.0.0)
      omniauth-oauth2 (~> 1.2)
    omniauth-google-oauth2 (0.8.0)
      jwt (>= 2.0)
      omniauth (>= 1.1.1)
      omniauth-oauth2 (>= 1.6)
    omniauth-oauth (1.1.0)
      oauth
      omniauth (~> 1.0)
    omniauth-oauth2 (1.6.0)
      oauth2 (~> 1.1)
      omniauth (~> 1.9)
    omniauth-twitter (1.4.0)
      omniauth-oauth (~> 1.1)
      rack
    orm_adapter (0.5.0)
    paper_trail (10.3.1)
      activerecord (>= 4.2)
      request_store (~> 1.1)
    parallel (1.19.1)
    parser (2.7.0.2)
      ast (~> 2.4.0)
    pg (1.2.2)
    pg (1.2.2-x64-mingw32)
    pg (1.2.2-x86-mingw32)
    pg_query (1.2.0)
    pghero (2.4.1)
      activerecord (>= 5)
    premailer (1.11.1)
      addressable
      css_parser (>= 1.6.0)
      htmlentities (>= 4.0.0)
    premailer-rails (1.10.3)
      actionmailer (>= 3)
      premailer (~> 1.7, >= 1.7.9)
    pry (0.12.2)
      coderay (~> 1.1.0)
      method_source (~> 0.9.0)
    pry (0.12.2-java)
      coderay (~> 1.1.0)
      method_source (~> 0.9.0)
      spoon (~> 0.0)
    public_suffix (4.0.3)
    puma (4.3.1)
      nio4r (~> 2.0)
    puma (4.3.1-java)
      nio4r (~> 2.0)
    pundit (2.1.0)
      activesupport (>= 3.0.0)
    rack (2.1.1)
    rack-proxy (0.6.5)
      rack
    rack-test (1.1.0)
      rack (>= 1.0, < 3)
    rails (6.0.2.1)
      actioncable (= 6.0.2.1)
      actionmailbox (= 6.0.2.1)
      actionmailer (= 6.0.2.1)
      actionpack (= 6.0.2.1)
      actiontext (= 6.0.2.1)
      actionview (= 6.0.2.1)
      activejob (= 6.0.2.1)
      activemodel (= 6.0.2.1)
      activerecord (= 6.0.2.1)
      activestorage (= 6.0.2.1)
      activesupport (= 6.0.2.1)
      bundler (>= 1.3.0)
      railties (= 6.0.2.1)
      sprockets-rails (>= 2.0.0)
    rails-controller-testing (1.0.4)
      actionpack (>= 5.0.1.x)
      actionview (>= 5.0.1.x)
      activesupport (>= 5.0.1.x)
    rails-dom-testing (2.0.3)
      activesupport (>= 4.2.0)
      nokogiri (>= 1.6)
    rails-html-sanitizer (1.3.0)
      loofah (~> 2.3)
    railties (6.0.2.1)
      actionpack (= 6.0.2.1)
      activesupport (= 6.0.2.1)
      method_source
      rake (>= 0.8.7)
      thor (>= 0.20.3, < 2.0)
    rainbow (3.0.0)
    rake (13.0.1)
    range_compressor (1.0.0)
    rb-fsevent (0.10.3)
    rb-inotify (0.10.1)
      ffi (~> 1.0)
    redcarpet (3.5.0)
    regexp_parser (1.6.0)
    regexp_property_values (1.0.0)
    regexp_property_values (1.0.0-java)
      range_compressor (~> 1.0)
    request_store (1.5.0)
      rack (>= 1.4)
    responders (3.0.0)
      actionpack (>= 5.0)
      railties (>= 5.0)
    rgl (0.5.6)
      lazy_priority_queue (~> 0.1.0)
      stream (~> 0.5.2)
    rmagick (4.0.0)
    rspec (3.9.0)
      rspec-core (~> 3.9.0)
      rspec-expectations (~> 3.9.0)
      rspec-mocks (~> 3.9.0)
    rspec-core (3.9.1)
      rspec-support (~> 3.9.1)
    rspec-expectations (3.9.0)
      diff-lcs (>= 1.2.0, < 2.0)
      rspec-support (~> 3.9.0)
    rspec-mocks (3.9.1)
      diff-lcs (>= 1.2.0, < 2.0)
      rspec-support (~> 3.9.0)
    rspec-rails (3.9.0)
      actionpack (>= 3.0)
      activesupport (>= 3.0)
      railties (>= 3.0)
      rspec-core (~> 3.9.0)
      rspec-expectations (~> 3.9.0)
      rspec-mocks (~> 3.9.0)
      rspec-support (~> 3.9.0)
    rspec-support (3.9.2)
    rspec_junit_formatter (0.4.1)
      rspec-core (>= 2, < 4, != 2.12.0)
    rubocop (0.79.0)
      jaro_winkler (~> 1.5.1)
      parallel (~> 1.10)
      parser (>= 2.7.0.1)
      rainbow (>= 2.2.2, < 4.0)
      ruby-progressbar (~> 1.7)
      unicode-display_width (>= 1.4.0, < 1.7)
    rubocop-checkstyle_formatter (0.4.0)
      rubocop (>= 0.35.1)
    rubocop-performance (1.5.2)
      rubocop (>= 0.71.0)
    rubocop-rspec (1.37.1)
      rubocop (>= 0.68.1)
    ruby-progressbar (1.10.1)
    ruby-vips (2.0.17)
      ffi (~> 1.9)
    ruby_parser (3.14.1)
      sexp_processor (~> 4.9)
    rubyzip (2.0.0)
    safely_block (0.3.0)
      errbase (>= 0.1.1)
    sassc (2.2.1)
      ffi (~> 1.9)
    sassc (2.2.1-x64-mingw32)
      ffi (~> 1.9)
    sassc (2.2.1-x86-mingw32)
      ffi (~> 1.9)
    sassc-rails (2.1.2)
      railties (>= 4.0.0)
      sassc (>= 2.0)
      sprockets (> 3.0)
      sprockets-rails
      tilt
    selectize-rails (0.12.6)
    selenium-webdriver (3.142.7)
      childprocess (>= 0.5, < 4.0)
      rubyzip (>= 1.2.2)
    sexp_processor (4.13.0)
    shellany (0.0.1)
    shoulda-matchers (4.2.0)
      activesupport (>= 4.2.0)
    simple_form (5.0.1)
      actionpack (>= 5.0)
      activemodel (>= 5.0)
    simplecov (0.17.1)
      docile (~> 1.1)
      json (>= 1.8, < 3)
      simplecov-html (~> 0.10.0)
    simplecov-html (0.10.2)
    simplecov-rcov (0.2.3)
      simplecov (>= 0.4.1)
    socksify (1.7.1)
    spoon (0.0.6)
      ffi
    spring (2.1.0)
    spring-commands-rspec (1.0.4)
      spring (>= 0.9.1)
    spring-watcher-listen (2.0.1)
      listen (>= 2.7, < 4.0)
      spring (>= 1.2, < 3.0)
    sprockets (4.0.0)
      concurrent-ruby (~> 1.0)
      rack (> 1, < 3)
    sprockets-rails (3.2.1)
      actionpack (>= 4.0)
      activesupport (>= 4.0)
      sprockets (>= 3.0.0)
    sshkit (1.20.0)
      net-scp (>= 1.1.2)
      net-ssh (>= 2.8.0)
    stream (0.5.2)
    sysexits (1.2.0)
    temple (0.8.2)
    terminal-table (1.8.0)
      unicode-display_width (~> 1.1, >= 1.1.1)
    thor (1.0.1)
    thread_safe (0.3.6)
    thread_safe (0.3.6-java)
    tilt (2.0.10)
    turbolinks (5.2.1)
      turbolinks-source (~> 5.2)
    turbolinks-form (0.1.4)
      rails (>= 4.2)
      turbolinks (~> 5.0)
    turbolinks-source (5.2.0)
    tzinfo (1.2.6)
      thread_safe (~> 0.1)
    unicode-display_width (1.6.0)
    warden (1.2.8)
      rack (>= 2.0.6)
    web-console (4.0.1)
      actionview (>= 6.0.0)
      activemodel (>= 6.0.0)
      bindex (>= 0.4.0)
      railties (>= 6.0.0)
    webdrivers (4.2.0)
      nokogiri (~> 1.6)
      rubyzip (>= 1.3.0)
      selenium-webdriver (>= 3.0, < 4.0)
    webpacker (4.2.2)
      activesupport (>= 4.2)
      rack-proxy (>= 0.6.1)
      railties (>= 4.2)
    websocket-driver (0.7.1)
      websocket-extensions (>= 0.1.0)
    websocket-driver (0.7.1-java)
      websocket-extensions (>= 0.1.0)
    websocket-extensions (0.1.4)
    win32-process (0.8.3)
      ffi (>= 1.0.0)
    wmi-lite (1.0.5)
    xpath (3.2.0)
      nokogiri (~> 1.8)
    yard (0.9.24)
    zeitwerk (2.2.2)

PLATFORMS
  java
  ruby
  x64-mingw32
  x86-mingw32
  x86-mswin32

DEPENDENCIES
  active_storage_validations
  administrate
  administrate-field-active_storage
  ahoy_email
  ahoy_matey
  better_errors
  binding_of_caller
  blazer
  bootsnap
  brakeman
  byebug
  capistrano
  capistrano-bundler
  capistrano-db-tasks
  capistrano-foreman
  capistrano-rails
  capistrano-rbenv
  capybara
  cinch
  client_side_validations
  client_side_validations-simple_form
  cocoon
  devise
  dotenv-rails
  factory_bot_rails
  faker
  geocoder
  guard-rspec
  haml_lint
  hamlit-rails
  html2haml
  image_processing
  jbuilder
  jenkins_api_client
  launchy
  listen
  mailkick
  netaddr
  notable
  omniauth-facebook
  omniauth-google-oauth2
  omniauth-twitter
  paper_trail
  pg
  pg_query
  pghero
  premailer-rails
  puma
  pundit
  rails
  rails-controller-testing
  redcarpet
  rgl
  rmagick
  rspec-rails
  rspec_junit_formatter
  rubocop-checkstyle_formatter
  rubocop-performance
  rubocop-rspec
  shoulda-matchers
  simple_form
  simplecov
  simplecov-rcov
  spring
  spring-commands-rspec
  spring-watcher-listen
  turbolinks
  turbolinks-form
  web-console
  webdrivers
  webpacker
  yard

BUNDLED WITH
   2.1.2
